PATH
  remote: .
  specs:
    apeye (1.0.0)
      rack

GEM
  remote: https://rubygems.org/
  specs:
    diff-lcs (1.3)
    rack (2.2.2)
    rspec (3.9.0)
      rspec-core (~> 3.9.0)
      rspec-expectations (~> 3.9.0)
      rspec-mocks (~> 3.9.0)
    rspec-core (3.9.1)
      rspec-support (~> 3.9.1)
    rspec-expectations (3.9.1)
      diff-lcs (>= 1.2.0, < 2.0)
      rspec-support (~> 3.9.0)
    rspec-mocks (3.9.1)
      diff-lcs (>= 1.2.0, < 2.0)
      rspec-support (~> 3.9.0)
    rspec-support (3.9.2)

PLATFORMS
  ruby

DEPENDENCIES
  apeye!
  rspec
  rspec-core
  rspec-expectations
  rspec-mocks

BUNDLED WITH
   2.1.4
